GEM
  remote: https://rubygems.org/
  specs:
    CFPropertyList (2.2.8)
    chronic_duration (0.10.4)
      numerizer (~> 0.1.1)
    diff-lcs (1.2.5)
    facter (2.0.1)
      CFPropertyList (~> 2.2.6)
    hiera (1.3.3)
      json_pure
    highline (1.6.21)
    json_pure (1.8.1)
    net-ssh (2.9.1)
    numerizer (0.1.1)
    puppet (3.6.1)
      facter (> 1.6, < 3)
      hiera (~> 1.0)
      json_pure
      rgen (~> 0.6.5)
    puppet-lint (0.3.2)
    rake (10.3.2)
    rgen (0.6.6)
    rspec (3.0.0)
      rspec-core (~> 3.0.0)
      rspec-expectations (~> 3.0.0)
      rspec-mocks (~> 3.0.0)
    rspec-core (3.0.0)
      rspec-support (~> 3.0.0)
    rspec-expectations (3.0.0)
      diff-lcs (>= 1.2.0, < 2.0)
      rspec-support (~> 3.0.0)
    rspec-mocks (3.0.0)
      rspec-support (~> 3.0.0)
    rspec-puppet (1.0.1)
      rspec
    rspec-support (3.0.0)
    serverspec (0.15.4)
      highline
      net-ssh
      rspec (>= 2.13.0)
      specinfra (>= 0.7.1)
    spec (5.3.4)
      chronic_duration (~> 0.10.2)
    specinfra (1.15.1)

PLATFORMS
  ruby

DEPENDENCIES
  facter
  hiera
  puppet
  puppet-lint
  rake
  rspec
  rspec-puppet
  serverspec
  spec
